GEM
  remote: http://rubygems.org/
  specs:
    activerecord (2.3.8)
      activesupport (= 2.3.8)
    activesupport (2.3.8)
    mysql (2.8.1)
    rack (1.2.1)
    rack-flash (0.1.1)
      rack
    sinatra (1.1.3)
      rack (~> 1.1)
      tilt (>= 1.2.2, < 2.0)
    tilt (1.2.2)

PLATFORMS
  ruby

DEPENDENCIES
  activerecord (= 2.3.8)
  mysql
  rack-flash
  sinatra
